GEM
  remote: https://rubygems.org/
  specs:
    diff-lcs (1.5.1)
    rspec (3.13.0)
      rspec-core (~> 3.13.0)
      rspec-expectations (~> 3.13.0)
      rspec-mocks (~> 3.13.0)
    rspec-core (3.13.0)
      rspec-support (~> 3.13.0)
    rspec-expectations (3.13.0)
      diff-lcs (>= 1.2.0, < 2.0)
      rspec-support (~> 3.13.0)
    rspec-mocks (3.13.1)
      diff-lcs (>= 1.2.0, < 2.0)
      rspec-support (~> 3.13.0)
    rspec-support (3.13.1)
    sorbet-runtime (0.5.11385)
    zeitwerk (2.6.14)

PLATFORMS
  arm64-darwin-22
  ruby

DEPENDENCIES
  rspec (~> 3.13)
  sorbet-runtime (~> 0.5.11385)
  zeitwerk (~> 2.6)

BUNDLED WITH
   2.5.7
